GEM
  remote: https://rubygems.org/
  specs:
    asciidoctor (1.5.6.1)

PLATFORMS
  ruby

DEPENDENCIES
  asciidoctor (~> 1.5)

BUNDLED WITH
   1.15.3
